GIT
  remote: git://github.com/dcu/mongoid_ext.git
  revision: e1338a71841c1216850495180aa20edfb281d9da
  specs:
    mongoid_ext (0.7.0)
      differ (>= 0.1.2)
      encryptor (~> 1.1.3)
      i18n
      mongoid (~> 2.3)
      tzinfo
      uuidtools (>= 2.1.1)

GIT
  remote: git://github.com/dcu/tunnlr_connector.git
  revision: cfb983ddb9a28b655e27ffa8c779498df34ded3a
  branch: patch-1
  specs:
    tunnlr_connector (1.0.2)
      highline (>= 1.5.0)
      net-ssh (>= 2.0.15)

GIT
  remote: git://github.com/mongoid/mongoid.git
  revision: 04c3870624f8a10329be63898287854cb3cc1b19
  branch: 2.3.0-stable
  specs:
    mongoid (2.3.4)
      activemodel (~> 3.1)
      mongo (~> 1.3)
      tzinfo (~> 0.3.22)

GIT
  remote: git://github.com/ricodigo/bug_hunter.git
  revision: 3a7d633bdba1933c0933870745bb9d166f6b5e31
  specs:
    bug_hunter (0.2.0)
      haml
      launchy
      mongoid
      rack (>= 1.0.0)
      sass
      sinatra (~> 1.2.6)

GIT
  remote: git://github.com/thedarkone/rails-dev-boost.git
  revision: 74576335555dc6f1c8e8b5297551da4dd0d02296
  branch: mongoid-brute-force
  specs:
    rails-dev-boost (0.1.1)

GIT
  remote: http://github.com/dcu/multiauth.git
  revision: 18847dbe793cbf515b34cd52ab5fa5e765107351
  specs:
    multiauth (0.2.7)
      omniauth
      rails (>= 3.0.0)

GIT
  remote: https://git.gitorious.org/social_widgets/social_widgets.git
  revision: e6f1f40d7027c3bd2ec50714cdb285d409170f79
  specs:
    social_widgets (0.1.0)
      rails

GIT
  remote: https://github.com/Houdini/mongo_store.git
  revision: 46d8edc81c42110c4091d600722c8352a412a51f
  specs:
    mongo_store (0.3.1)
      activesupport (>= 2.2)
      mongo (>= 1.0)

GEM
  remote: http://rubygems.org/
  specs:
    POpen4 (0.1.4)
      Platform (>= 0.4.0)
      open4
    Platform (0.4.0)
    XMLCanonicalizer (1.0.1)
      log4r (>= 1.0.4)
    actionmailer (3.1.3)
      actionpack (= 3.1.3)
      mail (~> 2.3.0)
    actionpack (3.1.3)
      activemodel (= 3.1.3)
      activesupport (= 3.1.3)
      builder (~> 3.0.0)
      erubis (~> 2.7.0)
      i18n (~> 0.6)
      rack (~> 1.3.5)
      rack-cache (~> 1.1)
      rack-mount (~> 0.8.2)
      rack-test (~> 0.6.1)
      sprockets (~> 2.0.3)
    activemerchant (1.16.0)
      activesupport (>= 2.3.11)
      braintree (>= 2.0.0)
      builder (>= 2.0.0)
      json (>= 1.5.1)
    activemodel (3.1.3)
      activesupport (= 3.1.3)
      builder (~> 3.0.0)
      i18n (~> 0.6)
    activerecord (3.1.3)
      activemodel (= 3.1.3)
      activesupport (= 3.1.3)
      arel (~> 2.2.1)
      tzinfo (~> 0.3.29)
    activeresource (3.1.3)
      activemodel (= 3.1.3)
      activesupport (= 3.1.3)
    activesupport (3.1.3)
      multi_json (~> 1.0)
    addressable (2.2.6)
    arel (2.2.1)
    bcrypt-ruby (3.0.1)
    braintree (2.13.1)
      builder (>= 2.0.0)
    bson (1.4.0)
    bson_ext (1.4.0)
    builder (3.0.0)
    chronic (0.6.7)
    chunky_png (1.2.5)
    compass (0.11.6)
      chunky_png (~> 1.2)
      fssm (>= 0.2.7)
      sass (~> 3.1)
    compass-colors (0.9.0)
      compass (>= 0.8.7)
    configuration (1.3.1)
    daemons (1.0.10)
    database_cleaner (0.7.1)
    devise (1.4.9)
      bcrypt-ruby (~> 3.0)
      orm_adapter (~> 0.0.3)
      warden (~> 1.0.3)
    diff-lcs (1.1.3)
    differ (0.1.2)
    dynamic_form (1.1.4)
    em-websocket (0.3.6)
      addressable (>= 2.1.1)
      eventmachine (>= 0.12.9)
    encryptor (1.1.3)
    erubis (2.7.0)
    eventmachine (0.12.10)
    fancy-buttons (1.1.1)
      compass (>= 0.11)
    faraday (0.7.5)
      addressable (~> 2.2.6)
      multipart-post (~> 1.1.3)
      rack (>= 1.1.0, < 2)
    faraday_middleware (0.7.0)
      faraday (~> 0.7.3)
    ffi (1.0.11)
    fssm (0.2.7)
    gem_plugin (0.2.3)
    geoip (1.1.1)
    goalie (0.0.4)
      actionpack (>= 3.0.0)
      activesupport (>= 3.0.0)
    haml (3.1.4)
    hashie (1.1.0)
    highline (1.6.11)
    hike (1.2.1)
    hpricot (0.8.6)
    i18n (0.6.0)
    jammit (0.6.5)
      yui-compressor (>= 0.9.3)
    json (1.6.4)
    kaminari (0.13.0)
      actionpack (>= 3.0.0)
      activesupport (>= 3.0.0)
      railties (>= 3.0.0)
    launchy (0.4.0)
      configuration (>= 0.0.5)
      rake (>= 0.8.1)
    log4r (1.1.10)
    macaddr (1.5.0)
      systemu (>= 2.4.0)
    magent (0.6.2)
      em-websocket
      em-websocket
      haml (~> 3.1.1)
      launchy (~> 0.4.0)
      mongo
      mongo (~> 1.0)
      sinatra (~> 1.2.6)
      uuidtools
      uuidtools
    magic (0.2.6)
      ffi (>= 0.6.3)
    mail (2.3.0)
      i18n (>= 0.4.0)
      mime-types (~> 1.16)
      treetop (~> 1.4.8)
    mime-types (1.17.2)
    mini_magick (2.3)
      subexec (~> 0.0.4)
    mongo (1.4.0)
      bson (= 1.4.0)
    mongrel (1.2.0.pre2)
      daemons (~> 1.0.10)
      gem_plugin (~> 0.2.3)
    multi_json (1.0.4)
    multi_xml (0.4.1)
    multipart-post (1.1.4)
    net-ldap (0.2.2)
    net-ssh (2.3.0)
    niftier-generators (0.1.2)
    nokogiri (1.5.0)
    oa-basic (0.3.2)
      oa-core (= 0.3.2)
      rest-client (~> 1.6.0)
    oa-core (0.3.2)
    oa-enterprise (0.3.2)
      XMLCanonicalizer (~> 1.0.1)
      addressable (~> 2.2.6)
      net-ldap (~> 0.2.2)
      nokogiri (~> 1.5.0)
      oa-core (= 0.3.2)
      pyu-ruby-sasl (~> 0.0.3.1)
      rubyntlm (~> 0.1.1)
      uuid
    oa-more (0.3.2)
      multi_json (~> 1.0.0)
      oa-core (= 0.3.2)
      rest-client (~> 1.6.0)
    oa-oauth (0.3.2)
      faraday (~> 0.7.3)
      multi_json (~> 1.0.0)
      multi_xml (~> 0.4.0)
      oa-core (= 0.3.2)
      oauth (~> 0.4.0)
      oauth2 (~> 0.5.0)
    oa-openid (0.3.2)
      oa-core (= 0.3.2)
      rack-openid (~> 1.3.1)
      ruby-openid-apps-discovery (~> 1.2.0)
    oauth (0.4.5)
    oauth2 (0.5.1)
      faraday (~> 0.7.4)
      multi_json (~> 1.0.3)
    omniauth (0.3.2)
      oa-basic (= 0.3.2)
      oa-core (= 0.3.2)
      oa-enterprise (= 0.3.2)
      oa-more (= 0.3.2)
      oa-oauth (= 0.3.2)
      oa-openid (= 0.3.2)
    open4 (1.3.0)
    orm_adapter (0.0.5)
    pdfkit (0.5.2)
    polyglot (0.3.3)
    pyu-ruby-sasl (0.0.3.3)
    rack (1.3.6)
    rack-cache (1.1)
      rack (>= 0.4)
    rack-mount (0.8.3)
      rack (>= 1.0.0)
    rack-openid (1.3.1)
      rack (>= 1.1.0)
      ruby-openid (>= 2.1.8)
    rack-recaptcha (0.2.2)
      json
    rack-ssl (1.3.2)
      rack
    rack-test (0.6.1)
      rack (>= 1.0)
    rails (3.1.3)
      actionmailer (= 3.1.3)
      actionpack (= 3.1.3)
      activerecord (= 3.1.3)
      activeresource (= 3.1.3)
      activesupport (= 3.1.3)
      bundler (~> 1.0)
      railties (= 3.1.3)
    railties (3.1.3)
      actionpack (= 3.1.3)
      activesupport (= 3.1.3)
      rack-ssl (~> 1.3.2)
      rake (>= 0.8.7)
      rdoc (~> 3.4)
      thor (~> 0.14.6)
    rake (0.9.2.2)
    rdoc (3.12)
      json (~> 1.4)
    remarkable (4.0.0.alpha4)
      rspec (>= 2.0.0.alpha11)
    remarkable_activemodel (4.0.0.alpha4)
      remarkable (~> 4.0.0.alpha4)
      rspec (>= 2.0.0.alpha11)
    remarkable_mongoid (0.6.0)
      remarkable_activemodel (~> 4.0.0.alpha4)
    rest-client (1.6.7)
      mime-types (>= 1.16)
    rinku (1.2.2)
    rspec (2.7.0)
      rspec-core (~> 2.7.0)
      rspec-expectations (~> 2.7.0)
      rspec-mocks (~> 2.7.0)
    rspec-core (2.7.1)
    rspec-expectations (2.7.0)
      diff-lcs (~> 1.1.2)
    rspec-mocks (2.7.0)
    rspec-rails (2.7.0)
      actionpack (~> 3.0)
      activesupport (~> 3.0)
      railties (~> 3.0)
      rspec (~> 2.7.0)
    ruby-openid (2.1.8)
    ruby-openid-apps-discovery (1.2.0)
      ruby-openid (>= 2.1.7)
    ruby-prof (0.10.8)
    ruby-stemmer (0.8.5)
    ruby_parser (2.3.1)
      sexp_processor (~> 3.0)
    rubyntlm (0.1.1)
    rubyzip (0.9.4)
    sass (3.1.12)
    sexp_processor (3.0.10)
    simple_oauth (0.1.5)
    sinatra (1.2.8)
      rack (~> 1.1)
      tilt (>= 1.2.2, < 2.0)
    sprockets (2.0.3)
      hike (~> 1.2)
      rack (~> 1.0)
      tilt (~> 1.1, != 1.3.0)
    state_machine (0.10.4)
    subexec (0.0.4)
    systemu (2.4.2)
    thor (0.14.6)
    tilt (1.3.3)
    treetop (1.4.10)
      polyglot
      polyglot (>= 0.3.1)
    twitter (1.7.2)
      faraday (~> 0.7.4)
      faraday_middleware (~> 0.7.0)
      hashie (~> 1.1.0)
      multi_json (~> 1.0.0)
      multi_xml (~> 0.4.0)
      simple_oauth (~> 0.1.5)
    twitter-text (1.1.8)
      actionpack
    twitter_oauth (0.4.3)
      json (>= 1.1.9)
      mime-types (>= 1.16)
      oauth (>= 0.4.1)
    tzinfo (0.3.31)
    uuid (2.3.4)
      macaddr (~> 1.0)
    uuidtools (2.1.2)
    warden (1.0.6)
      rack (>= 1.0)
    whatlanguage (1.0.0)
    whenever (0.7.2)
      activesupport (>= 2.3.4)
      chronic (~> 0.6.3)
    yui-compressor (0.9.6)
      POpen4 (>= 0.1.4)

PLATFORMS
  ruby

DEPENDENCIES
  activemerchant (= 1.16.0)
  bson (= 1.4.0)
  bson_ext (= 1.4.0)
  bug_hunter!
  compass (>= 0.11.5)
  compass-colors (= 0.9.0)
  database_cleaner
  devise (~> 1.4.0)
  dynamic_form
  em-websocket (~> 0.3.0)
  eventmachine (~> 0.12.10)
  fancy-buttons (= 1.1.1)
  geoip
  goalie (~> 0.0.4)
  haml (>= 3.1.3)
  hpricot
  jammit
  kaminari
  magent (= 0.6.2)
  magic
  mini_magick (~> 2.3)
  mongo (= 1.4.0)
  mongo_store!
  mongoid!
  mongoid_ext!
  mongrel (= 1.2.0.pre2)
  multiauth!
  niftier-generators (= 0.1.2)
  oa-oauth (~> 0.3.0)
  oa-openid (~> 0.3.0)
  omniauth (~> 0.3.0)
  orm_adapter
  pdfkit
  rack-recaptcha (= 0.2.2)
  rack-ssl
  rails (= 3.1.3)
  rails-dev-boost!
  remarkable_mongoid (>= 0.5.0)
  rinku (~> 1.2.2)
  rspec (>= 2.0.1)
  rspec-rails (>= 2.0.1)
  ruby-prof
  ruby-stemmer (~> 0.8.2)
  ruby_parser
  rubyzip (= 0.9.4)
  sass (>= 3.1.10)
  social_widgets!
  state_machine (= 0.10.4)
  tunnlr_connector!
  twitter (= 1.7.2)
  twitter-text (= 1.1.8)
  twitter_oauth
  uuidtools (~> 2.1.1)
  whatlanguage (= 1.0.0)
  whenever
